PATH
  remote: .
  specs:
    boxing-schedules (0.1.0)

GEM
  remote: https://rubygems.org/
  specs:
    byebug (11.1.3)
    coderay (1.1.2)
    colorize (0.8.1)
    method_source (1.0.0)
    mini_portile2 (2.5.1)
    nokogiri (1.11.5)
      mini_portile2 (~> 2.5.0)
      racc (~> 1.4)
    pry (0.13.1)
      coderay (~> 1.1)
      method_source (~> 1.0)
    pry-byebug (3.9.0)
      byebug (~> 11.0)
      pry (~> 0.13.0)
    racc (1.5.2)
    rake (13.0.1)

PLATFORMS
  ruby

DEPENDENCIES
  boxing-schedules!
  bundler (~> 2.0)
  colorize
  nokogiri
  pry
  pry-byebug
  rake (~> 13.0)

BUNDLED WITH
   2.1.4
